GIT
  remote: git://github.com/clearsightstudio/ProMotion.git
  revision: 095cb5204db697e01391371d561bd3d87b112fdd
  branch: edge
  specs:
    ProMotion (1.1.1)
      methadone
      motion-require (>= 0.0.6)

GEM
  remote: https://rubygems.org/
  specs:
    bubble-wrap (1.4.0)
    formotion (1.6)
      bubble-wrap (~> 1.4.0)
      motion-require (~> 0.0.3)
    methadone (1.3.1)
      bundler
    motion-require (0.0.7)
    motion-support (0.2.6)
      motion-require (>= 0.0.6)
    rake (10.1.1)

PLATFORMS
  ruby

DEPENDENCIES
  ProMotion!
  formotion
  motion-support (>= 0.2.6)
  rake
